GEM
  remote: https://rubygems.org/
  specs:
    activesupport (7.1.3.2)
      base64
      bigdecimal
      concurrent-ruby (~> 1.0, >= 1.0.2)
      connection_pool (>= 2.2.5)
      drb
      i18n (>= 1.6, < 2)
      minitest (>= 5.1)
      mutex_m
      tzinfo (~> 2.0)
    ansi (1.5.0)
    base64 (0.2.0)
    bigdecimal (3.1.7)
    concurrent-ruby (1.2.3)
    connection_pool (2.4.1)
    diff-lcs (1.5.1)
    drb (2.2.1)
    hashie (5.0.0)
    i18n (1.14.4)
      concurrent-ruby (~> 1.0)
    itamae (1.14.1)
      ansi
      hashie
      schash (~> 0.1.0)
      specinfra (>= 2.64.0, < 3.0.0)
      thor (>= 1.0.0)
    itamae-plugin-resource-encrypted_remote_file (0.0.3)
      itamae (>= 1.2)
      reversible_cryptography
    minitest (5.22.3)
    multi_json (1.15.0)
    mutex_m (0.2.0)
    net-scp (4.0.0)
      net-ssh (>= 2.6.5, < 8.0.0)
    net-ssh (7.2.1)
    net-telnet (0.2.0)
    rake (13.1.0)
    reversible_cryptography (0.5.0)
      thor
    rspec (3.13.0)
      rspec-core (~> 3.13.0)
      rspec-expectations (~> 3.13.0)
      rspec-mocks (~> 3.13.0)
    rspec-core (3.13.0)
      rspec-support (~> 3.13.0)
    rspec-expectations (3.13.0)
      diff-lcs (>= 1.2.0, < 2.0)
      rspec-support (~> 3.13.0)
    rspec-its (1.3.0)
      rspec-core (>= 3.0.0)
      rspec-expectations (>= 3.0.0)
    rspec-mocks (3.13.0)
      diff-lcs (>= 1.2.0, < 2.0)
      rspec-support (~> 3.13.0)
    rspec-support (3.13.1)
    schash (0.1.2)
    serverspec (2.42.3)
      multi_json
      rspec (~> 3.0)
      rspec-its
      specinfra (~> 2.72)
    sfl (2.3)
    specinfra (2.89.0)
      net-scp
      net-ssh (>= 2.7)
      net-telnet
      sfl
    thor (1.3.1)
    tzinfo (2.0.6)
      concurrent-ruby (~> 1.0)

PLATFORMS
  ruby

DEPENDENCIES
  activesupport
  itamae
  itamae-plugin-resource-encrypted_remote_file
  rake
  serverspec

BUNDLED WITH
   2.5.7
